PATH
  remote: .
  specs:
    beer_finder (0.1.0)
      httparty (>= 0.17, < 0.22)

GEM
  remote: https://rubygems.org/
  specs:
    coderay (1.1.3)
    httparty (0.21.0)
      mini_mime (>= 1.0.0)
      multi_xml (>= 0.5.2)
    method_source (1.0.0)
    mini_mime (1.1.2)
    multi_xml (0.6.0)
    pry (0.14.1)
      coderay (~> 1.1)
      method_source (~> 1.0)
    rake (13.0.6)

PLATFORMS
  ruby

DEPENDENCIES
  beer_finder!
  bundler (~> 2.0)
  pry
  rake (~> 13.0)

BUNDLED WITH
   2.3.7
