PATH
  remote: .
  specs:
    beer_finder (0.1.0)
      httparty (~> 0.17.0)

GEM
  remote: https://rubygems.org/
  specs:
    coderay (1.1.3)
    httparty (0.17.3)
      mime-types (~> 3.0)
      multi_xml (>= 0.5.2)
    method_source (1.0.0)
    mime-types (3.4.1)
      mime-types-data (~> 3.2015)
    mime-types-data (3.2022.0105)
    multi_xml (0.6.0)
    pry (0.14.1)
      coderay (~> 1.1)
      method_source (~> 1.0)
    rake (10.5.0)

PLATFORMS
  ruby

DEPENDENCIES
  beer_finder!
  bundler (~> 2.0)
  pry
  rake (~> 10.0)

BUNDLED WITH
   2.3.7
